NUGET
  remote: https://nuget.org/api/v2
  specs:
    FAKE (3.35.0)
    FParsec (1.0.1)
    FSharp.Compiler.Service (0.0.89)
    FSharp.Formatting (2.9.7)
      FSharp.Compiler.Service (>= 0.0.87)
      FSharpVSPowerTools.Core (1.8.0)
    FSharpVSPowerTools.Core (1.8.0)
      FSharp.Compiler.Service (>= 0.0.87)
    Microsoft.Bcl (1.1.10)
      Microsoft.Bcl.Build (>= 1.0.14)
    Microsoft.Bcl.Build (1.0.21)
    Microsoft.Net.Http (2.2.29)
      Microsoft.Bcl (>= 1.1.10)
      Microsoft.Bcl.Build (>= 1.0.14)
    NUnit (2.6.4)
    NUnit.Runners (2.6.4)
    Octokit (0.12.0)
      Microsoft.Net.Http
    SourceLink.Fake (0.5.0)
GITHUB
  remote: fsharp/FAKE
  specs:
    modules/Octokit/Octokit.fsx (8df5fa084bd2447427f295d3b35a131910aa054c)
      Octokit
  remote: fsprojects/FSharp.TypeProviders.StarterPack
  specs:
    src/DebugProvidedTypes.fs (c098da43ef99c9f15f7ed7ec4726dace9b95ad06)
    src/ProvidedTypes.fs (c098da43ef99c9f15f7ed7ec4726dace9b95ad06)
    src/ProvidedTypes.fsi (c098da43ef99c9f15f7ed7ec4726dace9b95ad06)