NUGET
  remote: https://nuget.org/api/v2
  specs:
    FAKE (4.9.3)
    FParsec (1.0.2)
    FSharp.Compiler.Service (1.4.0.6)
    FSharp.Formatting (2.12.0)
      FSharp.Compiler.Service (1.4.0.6)
      FSharpVSPowerTools.Core (2.1.0)
    FSharpVSPowerTools.Core (2.1.0)
      FSharp.Compiler.Service (>= 1.4.0.6)
    SourceLink.Fake (1.1.0)

GROUP Test
NUGET
  remote: https://nuget.org/api/v2
  specs:
    Microsoft.Bcl (1.1.10)
      Microsoft.Bcl.Build (>= 1.0.14)
    Microsoft.Bcl.Build (1.0.21) - import_targets: false
    Microsoft.Net.Http (2.2.29)
      Microsoft.Bcl (>= 1.1.10)
      Microsoft.Bcl.Build (>= 1.0.14)
    NUnit (3.0.0)
    NUnit.Console (3.0.0)
    NUnit.Runners (3.0.0)
      NUnit.Console (3.0.0)
    Octokit (0.16.0)
      Microsoft.Net.Http
GITHUB
  remote: fsharp/FAKE
  specs:
    modules/Octokit/Octokit.fsx (752592c55d7f9e2b7a10f1782cb4128703d7a7d3)
      Octokit