NUGET
  remote: https://www.nuget.org/api/v2
  specs:
    Antlr (3.4.1.9004)
    bootstrap (3.3.1)
      jQuery (>= 1.9.0)
    FSharp.Core (4.0.0.1)
    FsWebAddRegistryEntries (0.1.1)
    jQuery (2.0.3)
    Microsoft.AspNet.Mvc (5.0.0)
      Microsoft.AspNet.Razor (>= 3.0.0)
      Microsoft.AspNet.WebPages (>= 3.0.0)
    Microsoft.AspNet.Razor (3.0.0)
    Microsoft.AspNet.Web.Optimization (1.1.2)
      Microsoft.Web.Infrastructure (>= 1.0.0)
      WebGrease (>= 1.5.2)
    Microsoft.AspNet.WebApi (5.2.2)
      Microsoft.AspNet.WebApi.WebHost (>= 5.2.2 < 5.3.0)
    Microsoft.AspNet.WebApi.Client (5.2.2)
      Microsoft.Net.Http (>= 2.2.22) - framework: portable-wp80+win+net45+wp81+wpa81
      Newtonsoft.Json (>= 6.0.4) - framework: >= net45, portable-wp80+win+net45+wp81+wpa81
    Microsoft.AspNet.WebApi.Core (5.2.2)
      Microsoft.AspNet.WebApi.Client (>= 5.2.2)
    Microsoft.AspNet.WebApi.WebHost (5.2.2)
      Microsoft.AspNet.WebApi.Core (>= 5.2.2 < 5.3.0)
    Microsoft.AspNet.WebPages (3.0.0)
      Microsoft.AspNet.Razor (>= 3.0.0)
      Microsoft.Web.Infrastructure (>= 1.0.0.0)
    Microsoft.Bcl (1.1.10) - framework: portable-wp80+win+net45+wp81+wpa81
      Microsoft.Bcl.Build (>= 1.0.14)
    Microsoft.Bcl.Build (1.0.21) - import_targets: false, framework: portable-wp80+win+net45+wp81+wpa81
    Microsoft.Net.Http (2.2.29) - framework: portable-wp80+win+net45+wp81+wpa81
      Microsoft.Bcl (>= 1.1.10)
      Microsoft.Bcl.Build (>= 1.0.14)
    Microsoft.Owin (3.0.1)
      Owin (>= 1.0)
    Microsoft.Owin.Host.HttpListener (3.0.1)
    Microsoft.Owin.Host.SystemWeb (3.0.1)
      Microsoft.Owin (>= 3.0.1)
      Owin (>= 1.0)
    Microsoft.Owin.Hosting (3.0.1)
      Microsoft.Owin (>= 3.0.1)
      Owin (>= 1.0)
    Microsoft.Web.Infrastructure (1.0.0)
    Modernizr (2.6.2)
    MSBuild.Extension.Pack (1.3.0)
    Newtonsoft.Json (6.0.4)
    Owin (1.0.0)
    Respond (1.3.0)
    Suave (1.1.1)
      FSharp.Core (>= 3.1.2.5)
    WebGrease (1.5.2)
      Antlr (>= 3.4.1.9004)
      Newtonsoft.Json (>= 5.0.4)
